PATH
  remote: .
  specs:
    watti_watchman (0.1.0)
      async
      concurrent-ruby
      json_schemer
      mqtt
      oj
      rmodbus

GEM
  remote: https://rubygems.org/
  specs:
    async (2.8.1)
      console (~> 1.10)
      fiber-annotation
      io-event (~> 1.1)
      timers (~> 4.1)
    bigdecimal (3.1.6)
    concurrent-ruby (1.2.3)
    console (1.23.4)
      fiber-annotation
      fiber-local
      json
    diff-lcs (1.5.1)
    docile (1.4.0)
    faker (3.2.3)
      i18n (>= 1.8.11, < 2)
    fiber-annotation (0.2.0)
    fiber-local (1.0.0)
    hana (1.3.7)
    i18n (1.14.1)
      concurrent-ruby (~> 1.0)
    io-event (1.4.4)
    json (2.7.1)
    json_schemer (2.3.0)
      bigdecimal
      hana (~> 1.3)
      regexp_parser (~> 2.0)
      simpleidn (~> 0.2)
    mqtt (0.6.0)
    nio4r (2.7.0)
    oj (3.16.3)
      bigdecimal (>= 3.0)
    puma (6.4.2)
      nio4r (~> 2.0)
    rack (3.0.9.1)
    rackup (2.1.0)
      rack (>= 3)
      webrick (~> 1.8)
    rake (13.1.0)
    regexp_parser (2.10.0)
    rmodbus (1.3.3)
    rspec (3.13.0)
      rspec-core (~> 3.13.0)
      rspec-expectations (~> 3.13.0)
      rspec-mocks (~> 3.13.0)
    rspec-core (3.13.0)
      rspec-support (~> 3.13.0)
    rspec-expectations (3.13.0)
      diff-lcs (>= 1.2.0, < 2.0)
      rspec-support (~> 3.13.0)
    rspec-mocks (3.13.0)
      diff-lcs (>= 1.2.0, < 2.0)
      rspec-support (~> 3.13.0)
    rspec-support (3.13.0)
    simplecov (0.22.0)
      docile (~> 1.1)
      simplecov-html (~> 0.11)
      simplecov_json_formatter (~> 0.1)
    simplecov-html (0.12.3)
    simplecov-json (0.2.3)
      json
      simplecov
    simplecov_json_formatter (0.1.4)
    simpleidn (0.2.3)
    timers (4.3.5)
    webrick (1.8.1)

PLATFORMS
  ruby
  x86_64-linux

DEPENDENCIES
  faker
  puma
  rackup
  rake
  rspec
  rspec-mocks
  simplecov
  simplecov-json
  watti_watchman!

BUNDLED WITH
   2.5.3
